PATH
  remote: .
  specs:
    hope (0.2.0-java)
      em-zeromq (~> 0.2.1)
      json-jruby (~> 1.4)

GEM
  remote: http://rubygems.org/
  specs:
    autotest-growl (0.2.16)
    diff-lcs (1.1.3)
    em-zeromq (0.2.2)
      eventmachine (>= 1.0.0.beta.4)
      ffi (>= 1.0.0)
      ffi-rzmq (~> 0.9.0)
    eventmachine (1.0.0.beta.4-java)
    ffi (1.0.11-java)
    ffi-rzmq (0.9.3)
      ffi
    growl (1.0.3)
    json (1.5.0-java)
    json-jruby (1.5.0-java)
      json (= 1.5.0)
    rake (0.9.2.2)
    rspec (2.8.0)
      rspec-core (~> 2.8.0)
      rspec-expectations (~> 2.8.0)
      rspec-mocks (~> 2.8.0)
    rspec-core (2.8.0)
    rspec-expectations (2.8.0)
      diff-lcs (~> 1.1.2)
    rspec-mocks (2.8.0)

PLATFORMS
  java

DEPENDENCIES
  autotest-growl
  growl
  hope!
  rake (~> 0.9.2)
  rspec (~> 2.8)
