PATH
  remote: .
  specs:
    hope (0.2.0-java)
      amqp (~> 0.9.4)
      json-jruby (~> 1.4)

GEM
  remote: http://rubygems.org/
  specs:
    amq-client (0.9.2)
      amq-protocol (>= 0.9.0)
      eventmachine
    amq-protocol (0.9.0)
    amqp (0.9.4)
      amq-client (~> 0.9.2)
      amq-protocol (>= 0.9.0)
      eventmachine
    autotest-growl (0.2.16)
    diff-lcs (1.1.3)
    eventmachine (0.12.10-java)
    growl (1.0.3)
    json (1.5.0-java)
    json-jruby (1.5.0-java)
      json (= 1.5.0)
    rake (0.9.2.2)
    rspec (2.8.0)
      rspec-core (~> 2.8.0)
      rspec-expectations (~> 2.8.0)
      rspec-mocks (~> 2.8.0)
    rspec-core (2.8.0)
    rspec-expectations (2.8.0)
      diff-lcs (~> 1.1.2)
    rspec-mocks (2.8.0)

PLATFORMS
  java

DEPENDENCIES
  autotest-growl
  growl
  hope!
  rake (~> 0.9.2)
  rspec (~> 2.8)
